GEM
  remote: https://rubygems.org/
  specs:
    concurrent-ruby (1.1.7)
    dry-core (0.4.10)
      concurrent-ruby (~> 1.0)
    dry-equalizer (0.3.0)
    dry-monads (1.3.5)
      concurrent-ruby (~> 1.0)
      dry-core (~> 0.4, >= 0.4.4)
      dry-equalizer
    semantic_logger (4.7.4)
      concurrent-ruby (~> 1.0)

PLATFORMS
  ruby

DEPENDENCIES
  dry-monads
  semantic_logger

RUBY VERSION
   ruby 2.7.1p83

BUNDLED WITH
   2.1.4
